PATH
  remote: .
  specs:
    phrase_mobile (0.0.1)
      libxml-ruby (~> 2.3.3)

GEM
  remote: http://rubygems.org/
  specs:
    diff-lcs (1.1.3)
    libxml-ruby (2.3.3)
    rspec (2.11.0)
      rspec-core (~> 2.11.0)
      rspec-expectations (~> 2.11.0)
      rspec-mocks (~> 2.11.0)
    rspec-core (2.11.1)
    rspec-expectations (2.11.2)
      diff-lcs (~> 1.1.3)
    rspec-mocks (2.11.2)
    spork (0.9.2)

PLATFORMS
  ruby

DEPENDENCIES
  phrase_mobile!
  rspec
  spork
