PATH
  remote: .
  specs:
    phrase_mobile (0.0.1)
      libxml-ruby (~> 2.3.3)
      typhoeus (~> 0.4.2)

GEM
  remote: http://rubygems.org/
  specs:
    diff-lcs (1.1.3)
    ffi (1.1.5)
    libxml-ruby (2.3.3)
    mime-types (1.19)
    rspec (2.11.0)
      rspec-core (~> 2.11.0)
      rspec-expectations (~> 2.11.0)
      rspec-mocks (~> 2.11.0)
    rspec-core (2.11.1)
    rspec-expectations (2.11.2)
      diff-lcs (~> 1.1.3)
    rspec-mocks (2.11.2)
    spork (0.9.2)
    typhoeus (0.4.2)
      ffi (~> 1.0)
      mime-types (~> 1.18)

PLATFORMS
  ruby

DEPENDENCIES
  phrase_mobile!
  rspec
  spork
